GEM
  remote: https://rubygems.org/
  specs:
    base64 (0.2.0)
    byebug (11.1.3)
    cgi (0.4.0)
    dotenv (2.8.1)
    erb (4.0.3)
      cgi (>= 0.3.3)
    faraday (2.7.12)
      base64
      faraday-net_http (>= 2.0, < 3.1)
      ruby2_keywords (>= 0.0.4)
    faraday-net_http (3.0.2)
    ruby2_keywords (0.0.5)

PLATFORMS
  x86_64-linux

DEPENDENCIES
  byebug
  dotenv
  erb
  faraday

BUNDLED WITH
   2.4.19
